GEM
  remote: http://rubygems.org/
  specs:
    crack (0.1.8)
    hashie (1.0.0)
    httmultiparty (0.2)
      httparty (>= 0.7.3)
      multipart-post
    httparty (0.7.3)
      crack (= 0.1.8)
    midiator (0.4.0)
    multipart-post (1.1.0)
    soundcloud (0.1.9)
      hashie
      httmultiparty (>= 0.2)
      httparty (>= 0.7.3)

PLATFORMS
  ruby

DEPENDENCIES
  bundler
  midiator
  soundcloud
