GEM
  remote: http://rubygems.org/
  specs:
    crack (0.1.8)
    hashie (1.0.0)
    httmultiparty (0.2)
      httparty (>= 0.7.3)
      multipart-post
    httparty (0.7.3)
      crack (= 0.1.8)
    mplayer-ruby (0.1.0)
      open4 (>= 1.0.1)
    multipart-post (1.1.0)
    open4 (1.0.1)
    soundcloud (0.1.9)
      hashie
      httmultiparty (>= 0.2)
      httparty (>= 0.7.3)

PLATFORMS
  ruby

DEPENDENCIES
  bundler
  mplayer-ruby
  soundcloud
